GIT
  remote: git://github.com/jmettraux/ruote.git
  revision: 0996f40e2e9dae61ecc3174706f876ae757e00d4
  specs:
    ruote (2.2.1)
      parslet (= 1.2.3)
      rufus-cloche (>= 1.0.1)
      rufus-dollar (>= 1.0.4)
      rufus-json (>= 1.0.1)
      rufus-mnemo (>= 1.2.2)
      rufus-scheduler (>= 2.0.13)
      rufus-treechecker (>= 1.0.8)
      sourcify (= 0.5.0)

PATH
  remote: .
  specs:
    ruote-kit (2.2.1)
      haml (= 3.1.2)
      rufus-json (>= 0.2.5)
      sinatra (~> 1.2.0)
      sinatra-respond_to (~> 0.7.0)

GEM
  remote: http://rubygems.org/
  specs:
    blankslate (2.1.2.4)
    diff-lcs (1.1.2)
    file-tail (1.0.7)
      tins (~> 0.3)
    haml (3.1.2)
    nokogiri (1.4.5)
    parslet (1.2.3)
      blankslate (~> 2.0)
    rack (1.3.0)
    rack-test (0.5.7)
      rack (>= 1.0)
    rspec (2.5.0)
      rspec-core (~> 2.5.0)
      rspec-expectations (~> 2.5.0)
      rspec-mocks (~> 2.5.0)
    rspec-core (2.5.2)
    rspec-expectations (2.5.0)
      diff-lcs (~> 1.1.2)
    rspec-mocks (2.5.0)
    ruby2ruby (1.3.1)
      ruby_parser (~> 2.0)
      sexp_processor (~> 3.0)
    ruby_parser (2.3.1)
      sexp_processor (~> 3.0)
    rufus-cloche (1.0.1)
      rufus-json (>= 0.2.7)
    rufus-dollar (1.0.4)
    rufus-json (1.0.1)
    rufus-mnemo (1.2.2)
    rufus-scheduler (2.0.14)
      tzinfo (>= 0.3.23)
    rufus-treechecker (1.0.8)
      ruby_parser (>= 2.0.5)
    sexp_processor (3.0.9)
    sinatra (1.2.6)
      rack (~> 1.1)
      tilt (>= 1.2.2, < 2.0)
    sinatra-respond_to (0.7.0)
      sinatra (~> 1.2)
    sourcify (0.5.0)
      file-tail (>= 1.0.5)
      ruby2ruby (>= 1.2.5)
      ruby_parser (>= 2.0.5)
      sexp_processor (>= 3.0.5)
    tilt (1.3.2)
    tins (0.3.4)
    tzinfo (0.3.31)
    webrat (0.7.3)
      nokogiri (>= 1.2.0)
      rack (>= 1.0)
      rack-test (>= 0.5.3)
    yajl-ruby (0.8.2)

PLATFORMS
  ruby

DEPENDENCIES
  rack-test (= 0.5.7)
  rspec (~> 2.5.0)
  ruote!
  ruote-kit!
  webrat (= 0.7.3)
  yajl-ruby
